GEM
  remote: https://rubygems.org/
  specs:
    ansi (1.4.3)
    rake (10.1.0)
    turn (0.9.6)
      ansi

PLATFORMS
  ruby

DEPENDENCIES
  rake
  turn
