GEM
  remote: https://rubygems.org/
  specs:
    ansi (1.4.3)
    ast (1.1.0)
    celluloid (0.15.2)
      timers (~> 1.1.0)
    coderay (1.1.0)
    ffi (1.9.3)
    formatador (0.2.4)
    guard (2.2.3)
      formatador (>= 0.2.4)
      listen (~> 2.1)
      lumberjack (~> 1.0)
      pry (>= 0.9.12)
      thor (>= 0.18.1)
    guard-minitest (2.0.1)
      guard (~> 2.0)
      minitest (>= 3.0)
    guard-rubocop (1.0.0)
      guard (~> 2.0)
      rubocop (~> 0.10)
    json (1.8.1)
    listen (2.2.0)
      celluloid (>= 0.15.2)
      rb-fsevent (>= 0.9.3)
      rb-inotify (>= 0.9)
    lumberjack (1.0.4)
    metaclass (0.0.1)
    method_source (0.8.2)
    minitap (0.5.0)
      minitest (~> 5.0)
      tapout (>= 0.3.0)
    minitest (5.0.8)
    mocha (0.14.0)
      metaclass (~> 0.0.1)
    parser (2.0.0)
      ast (~> 1.1)
      slop (~> 3.4, >= 3.4.5)
    powerpack (0.0.9)
    pry (0.9.12.3)
      coderay (~> 1.0)
      method_source (~> 0.8)
      slop (~> 3.4)
    rainbow (1.1.4)
    rake (10.1.0)
    rb-fsevent (0.9.3)
    rb-inotify (0.9.2)
      ffi (>= 0.5.0)
    rubocop (0.15.0)
      parser (~> 2.0)
      powerpack (~> 0.0.6)
      rainbow (>= 1.1.4)
    slop (3.4.7)
    tapout (0.4.2)
      ansi
      json
    thor (0.18.1)
    timers (1.1.0)

PLATFORMS
  ruby

DEPENDENCIES
  guard-minitest
  guard-rubocop
  minitap
  minitest
  mocha
  rake
