GIT
  remote: git://github.com/rubyworks/minitap.git
  revision: 9c48a0c27f92ff9322c5d5eb5e6c143c55c91611
  specs:
    minitap (0.4.1)
      minitest
      tapout (>= 0.3.0)

GEM
  remote: https://rubygems.org/
  specs:
    ansi (1.4.3)
    celluloid (0.15.2)
      timers (~> 1.1.0)
    coderay (1.0.9)
    ffi (1.9.0)
    formatador (0.2.4)
    guard (2.0.5)
      formatador (>= 0.2.4)
      listen (~> 2.0)
      lumberjack (~> 1.0)
      pry (>= 0.9.12)
      thor (>= 0.18.1)
    guard-minitest (2.0.0)
      guard (~> 2.0)
      minitest (>= 3.0)
    json (1.8.0)
    listen (2.1.0)
      celluloid (>= 0.15.2)
      rb-fsevent (>= 0.9.3)
      rb-inotify (>= 0.9)
    lumberjack (1.0.4)
    method_source (0.8.2)
    minitest (5.0.8)
    pry (0.9.12.2)
      coderay (~> 1.0.5)
      method_source (~> 0.8)
      slop (~> 3.4)
    rake (10.1.0)
    rb-fsevent (0.9.3)
    rb-inotify (0.9.2)
      ffi (>= 0.5.0)
    slop (3.4.6)
    tapout (0.4.2)
      ansi
      json
    thor (0.18.1)
    timers (1.1.0)

PLATFORMS
  ruby

DEPENDENCIES
  guard-minitest
  minitap!
  minitest
  rake
